GEM
  remote: https://rubygems.org/
  specs:
    akami (1.2.0)
      gyoku (>= 0.4.0)
      nokogiri (>= 1.4.0)
    aws (2.8.0)
      http_connection
      http_connection
      uuidtools
      uuidtools
      xml-simple
      xml-simple
    builder (3.2.0)
    celluloid (0.12.4)
      facter (>= 1.6.12)
      timers (>= 1.0.0)
    cloudfiles (1.5.0.1)
      json
    cloudservers (0.4.2)
      json
    coderay (1.0.9)
    connection_pool (1.0.0)
    daemons (1.1.9)
    deltacloud-client (1.1.3)
      faraday (>= 0.8.6)
      nokogiri (>= 1.4.3)
    deltacloud-core (1.1.3)
      aws (>= 2.7.0)
      cloudfiles
      cloudservers
      fog (>= 1.4.0)
      haml (>= 2.2.17)
      json_pure (>= 1.5.0)
      net-ssh (>= 2.0.0)
      nokogiri (>= 1.4.3)
      openstack (>= 1.0.9)
      rack (>= 1.0.0)
      rack-accept
      rake (>= 0.8.7)
      rbovirt (>= 0.0.19)
      rbvmomi
      rest-client
      savon (>= 1.0.0)
      sequel (<= 3.42.0)
      sinatra
      sinatra-rabbit (>= 1.1.6)
      sqlite3
      thin (>= 1.2.5)
      tilt
      uuidtools (>= 2.1.1)
      waz-storage (>= 1.1.0)
    eventmachine (1.0.3)
    eventmachine (1.0.3-java)
    excon (0.20.1)
    facter (1.7.0)
    faraday (0.8.7)
      multipart-post (~> 1.1)
    ffi (1.7.0-java)
    fog (1.10.1)
      builder
      excon (~> 0.20)
      formatador (~> 0.2.0)
      mime-types
      multi_json (~> 1.0)
      net-scp (~> 1.1)
      net-ssh (>= 2.1.3)
      nokogiri (~> 1.5.0)
      ruby-hmac
    formatador (0.2.4)
    gyoku (1.0.0)
      builder (>= 2.1.2)
    haml (4.0.2)
      tilt
    http_connection (1.4.4)
    httpi (2.0.2)
      rack
    json (1.7.7)
    json (1.7.7-java)
    json_pure (1.7.7)
    method_source (0.8.1)
    mime-types (1.23)
    multi_json (1.7.2)
    multipart-post (1.2.0)
    net-scp (1.1.0)
      net-ssh (>= 2.6.5)
    net-ssh (2.6.7)
    nokogiri (1.5.9)
    nokogiri (1.5.9-java)
    nori (2.1.0)
    openstack (1.1.0)
      json
    pg (0.15.1)
    pry (0.9.12.1)
      coderay (~> 1.0.5)
      method_source (~> 0.8)
      slop (~> 3.4)
    pry (0.9.12.1-java)
      coderay (~> 1.0.5)
      method_source (~> 0.8)
      slop (~> 3.4)
      spoon (~> 0.0)
    puma (1.6.3)
      rack (~> 1.2)
    puma (1.6.3-java)
      rack (~> 1.2)
    rack (1.5.2)
    rack-accept (0.4.5)
      rack (>= 0.4)
    rack-flash3 (1.0.3)
      rack
      rack
    rack-protection (1.5.0)
      rack
    rake (10.0.4)
    rbovirt (0.0.19)
      nokogiri
      rest-client
    rbvmomi (1.6.0)
      builder
      nokogiri (>= 1.4.1)
      trollop
    redis (3.0.4)
    redis-namespace (1.2.1)
      redis (~> 3.0.0)
    rest-client (1.6.7)
      mime-types (>= 1.16)
    ruby-hmac (0.4.0)
    savon (2.2.0)
      akami (~> 1.2.0)
      builder (>= 2.1.2)
      gyoku (~> 1.0.0)
      httpi (~> 2.0.2)
      nokogiri (>= 1.4.0)
      nori (~> 2.1.0)
      wasabi (~> 3.1.0)
    sequel (3.42.0)
    sidekiq (2.10.1)
      celluloid (~> 0.12.0)
      connection_pool (~> 1.0)
      multi_json (~> 1)
      redis (~> 3)
      redis-namespace
    sinatra (1.4.2)
      rack (~> 1.5, >= 1.5.2)
      rack-protection (~> 1.4)
      tilt (~> 1.3, >= 1.3.4)
    sinatra-rabbit (1.1.6)
      sinatra (>= 1.3.0)
    sinatra-twitter-bootstrap (2.3.1.1)
    slim (1.3.8)
      temple (~> 0.6.3)
      tilt (~> 1.3.3)
    slop (3.4.4)
    spoon (0.0.3)
      ffi
    sqlite3 (1.3.7)
    temple (0.6.4)
    thin (1.5.1)
      daemons (>= 1.0.9)
      eventmachine (>= 0.12.6)
      rack (>= 1.0.0)
    tilt (1.3.7)
    timers (1.1.0)
    trollop (2.0)
    uuidtools (2.1.3)
    wasabi (3.1.0)
      httpi (~> 2.0)
      nokogiri (>= 1.4.0)
    waz-storage (1.3.6)
      rest-client
      ruby-hmac
    will_paginate (3.0.4)
    will_paginate-bootstrap (0.2.2)
      will_paginate (>= 3.0.3)
    xml-simple (1.1.2)

PLATFORMS
  java
  ruby

DEPENDENCIES
  deltacloud-client (>= 1.1.3)
  deltacloud-core (>= 1.1.3)
  haml
  json
  json_pure
  net-scp
  net-ssh
  nokogiri
  pg
  pry
  puma
  rack-flash3
  rest-client
  sequel
  sidekiq
  sinatra
  sinatra-twitter-bootstrap (>= 2.3.1)
  slim
  sqlite3
  will_paginate (~> 3.0.0)
  will_paginate-bootstrap
