GIT
  remote: git://github.com/mifo/deltacloud-client.git
  revision: 01d309feb2f1587a7d6d48b5481bfe26f2d7f7d7
  specs:
    deltacloud-client (1.1.2)
      faraday (>= 0.8.6)
      nokogiri (>= 1.4.3)

GEM
  remote: https://rubygems.org/
  specs:
    activesupport (3.2.13)
      i18n (= 0.6.1)
      multi_json (~> 1.0)
    blankslate (2.1.2.4)
    colorize (0.5.8)
    daemons (1.1.9)
    edn (1.0.0)
      parslet (~> 1.4.0)
    eventmachine (1.0.3)
    faraday (0.8.7)
      multipart-post (~> 1.1)
    haml (4.0.1)
      tilt
    i18n (0.6.1)
    jdbc-sqlite3 (3.7.2.1)
    json (1.7.7)
    json (1.7.7-java)
    json_pure (1.7.7)
    mime-types (1.22)
    multi_json (1.7.2)
    multipart-post (1.2.0)
    nokogiri (1.5.9)
    nokogiri (1.5.9-java)
    parslet (1.4.0)
      blankslate (~> 2.0)
    rack (1.5.2)
    rack-flash3 (1.0.3)
      rack
      rack
    rack-protection (1.5.0)
      rack
    rake (10.0.4)
    rest-client (1.6.7)
      mime-types (>= 1.16)
    sequel (3.46.0)
    sinatra (1.4.2)
      rack (~> 1.5, >= 1.5.2)
      rack-protection (~> 1.4)
      tilt (~> 1.3, >= 1.3.4)
    sinatra-twitter-bootstrap (2.3.1.1)
    sqlite3 (1.3.7)
    thin (1.5.1)
      daemons (>= 1.0.9)
      eventmachine (>= 0.12.6)
      rack (>= 1.0.0)
    thor (0.18.1)
    tilt (1.3.6)
    torquebox (2.3.0)
      thor (>= 0.14.6)
      torquebox-cache (= 2.3.0)
      torquebox-configure (= 2.3.0)
      torquebox-core (= 2.3.0)
      torquebox-messaging (= 2.3.0)
      torquebox-naming (= 2.3.0)
      torquebox-rake-support (= 2.3.0)
      torquebox-security (= 2.3.0)
      torquebox-stomp (= 2.3.0)
      torquebox-transactions (= 2.3.0)
      torquebox-web (= 2.3.0)
    torquebox-cache (2.3.0-java)
      torquebox-core (= 2.3.0)
      torquebox-transactions (= 2.3.0)
    torquebox-configure (2.3.0-java)
      blankslate (= 2.1.2.4)
    torquebox-core (2.3.0-java)
    torquebox-messaging (2.3.0-java)
      edn (= 1.0.0)
      torquebox-core (= 2.3.0)
      torquebox-transactions (= 2.3.0)
    torquebox-naming (2.3.0-java)
    torquebox-rake-support (2.3.0)
      rake (>= 0.8.7)
    torquebox-security (2.3.0-java)
      torquebox-core (= 2.3.0)
    torquebox-stomp (2.3.0)
      torquebox-core (= 2.3.0)
      torquebox-messaging (= 2.3.0)
    torquebox-transactions (2.3.0)
      torquebox-core (= 2.3.0)
    torquebox-web (2.3.0-java)

PLATFORMS
  java
  ruby

DEPENDENCIES
  activesupport (= 3.2.13)
  colorize
  deltacloud-client!
  haml
  jdbc-sqlite3
  json
  json_pure
  nokogiri
  rack-flash3
  rest-client
  sequel
  sinatra
  sinatra-twitter-bootstrap (>= 2.3.1)
  sqlite3
  thin
  torquebox
  torquebox-cache
  torquebox-messaging
  torquebox-stomp
