GIT
  remote: git://github.com/mifo/deltacloud-client.git
  revision: 7b4cf542791c5e0e2edc7f05ac70eecf3ed80c2a
  specs:
    deltacloud-client (1.1.2)
      faraday (>= 0.8.6)
      nokogiri (>= 1.4.3)

GEM
  remote: https://rubygems.org/
  specs:
    celluloid (0.12.4)
      facter (>= 1.6.12)
      timers (>= 1.0.0)
    colorize (0.5.8)
    connection_pool (1.0.0)
    daemons (1.1.9)
    eventmachine (1.0.3)
    eventmachine (1.0.3-java)
    facter (1.6.18)
    faraday (0.8.7)
      multipart-post (~> 1.1)
    haml (4.0.2)
      tilt
    i18n (0.6.4)
    json (1.7.7)
    json (1.7.7-java)
    json_pure (1.7.7)
    mime-types (1.22)
    multi_json (1.7.2)
    multipart-post (1.2.0)
    nokogiri (1.5.9)
    nokogiri (1.5.9-java)
    pg (0.15.1)
    rack (1.5.2)
    rack-flash3 (1.0.3)
      rack
      rack
    rack-protection (1.5.0)
      rack
    redis (3.0.3)
    redis-namespace (1.2.1)
      redis (~> 3.0.0)
    rest-client (1.6.7)
      mime-types (>= 1.16)
    sequel (3.46.0)
    sidekiq (2.10.0)
      celluloid (~> 0.12.0)
      connection_pool (~> 1.0)
      i18n
      multi_json (~> 1)
      redis (~> 3)
      redis-namespace
      sinatra
      slim
    sinatra (1.4.2)
      rack (~> 1.5, >= 1.5.2)
      rack-protection (~> 1.4)
      tilt (~> 1.3, >= 1.3.4)
    sinatra-twitter-bootstrap (2.3.1.1)
    slim (1.3.8)
      temple (~> 0.6.3)
      tilt (~> 1.3.3)
    sqlite3 (1.3.7)
    temple (0.6.3)
    thin (1.5.1)
      daemons (>= 1.0.9)
      eventmachine (>= 0.12.6)
      rack (>= 1.0.0)
    tilt (1.3.7)
    timers (1.1.0)
    will_paginate (3.0.4)

PLATFORMS
  java
  ruby

DEPENDENCIES
  colorize
  deltacloud-client!
  haml
  json
  json_pure
  nokogiri
  pg
  rack-flash3
  rest-client
  sequel
  sidekiq
  sinatra
  sinatra-twitter-bootstrap (>= 2.3.1)
  sqlite3
  thin
  will_paginate (~> 3.0.0)
